GEM
  remote: http://rubygems.org/
  specs:
    crack (0.1.8)
    git (1.2.5)
    jeweler (1.5.2)
      bundler (>= 1.0.0)
      git (>= 1.2.5)
      rake
    multipart-post (1.1.0)
    nokogiri (1.6.0)
    rake (0.8.7)
    rcov (0.9.9)
    shoulda (2.11.3)

PLATFORMS
  ruby

DEPENDENCIES
  bundler (>= 1.0.0)
  crack (>= 0.1.8)
  jeweler (>= 1.5.2)
  multipart-post (>= 1.1.0)
  nokogiri (>= 1.6.0)
  rcov
  shoulda
